PATH
  remote: .
  specs:
    celluloid-io-serialport (0.0.1)
      celluloid-io (~> 0.15.0)
      serialport (~> 1.3.0)

GEM
  remote: https://rubygems.org/
  specs:
    celluloid (0.18.0)
      timers (~> 4)
    celluloid-io (0.15.0)
      celluloid (>= 0.15.0)
      nio4r (>= 0.5.0)
    coderay (1.1.3)
    method_source (1.0.0)
    nio4r (2.5.5)
    pry (0.14.0)
      coderay (~> 1.1)
      method_source (~> 1.0)
    rake (13.0.3)
    serialport (1.3.1)
    timers (4.3.2)

PLATFORMS
  ruby

DEPENDENCIES
  bundler (~> 1.3)
  celluloid-io-serialport!
  pry
  rake

BUNDLED WITH
   1.17.3
